GEM
  remote: https://rubygems.org/
  specs:
    awesome_print (1.9.2)
    concurrent-ruby (1.2.2)
    faker (3.2.0)
      i18n (>= 1.8.11, < 2)
    i18n (1.13.0)
      concurrent-ruby (~> 1.0)

PLATFORMS
  aarch64-linux

DEPENDENCIES
  awesome_print
  faker

BUNDLED WITH
   2.2.33
